GEM
  remote: https://rubygems.org/
  specs:
    mina (0.3.0)
      open4
      rake
    mina-scp (0.1.1)
    open4 (1.3.0)
    rake (10.1.1)

PLATFORMS
  ruby

DEPENDENCIES
  mina
  mina-scp
